PATH
  remote: .
  specs:
    vosk (0.3.50)
      bytesize (~> 0.1)
      ffi (~> 1.6)
      fileutils (~> 1.7)
      httparty (~> 0.21)
      progressbar (~> 1.13)
      rubyzip (~> 2.4)

GEM
  remote: https://rubygems.org/
  specs:
    ast (2.4.2)
    bytesize (0.1.2)
    csv (3.2.6)
    diff-lcs (1.5.1)
    ffi (1.17.0-x86_64-linux-gnu)
    fileutils (1.7.3)
    httparty (0.22.0)
      csv
      mini_mime (>= 1.0.0)
      multi_xml (>= 0.5.2)
    json (2.9.0)
    language_server-protocol (3.17.0.3)
    mini_mime (1.1.5)
    multi_xml (0.6.0)
    parallel (1.26.3)
    parser (3.3.6.0)
      ast (~> 2.4.1)
      racc
    progressbar (1.13.0)
    racc (1.8.1)
    rainbow (3.1.1)
    rake (13.2.1)
    regexp_parser (2.9.3)
    rspec (3.13.0)
      rspec-core (~> 3.13.0)
      rspec-expectations (~> 3.13.0)
      rspec-mocks (~> 3.13.0)
    rspec-core (3.13.2)
      rspec-support (~> 3.13.0)
    rspec-expectations (3.13.3)
      diff-lcs (>= 1.2.0, < 2.0)
      rspec-support (~> 3.13.0)
    rspec-mocks (3.13.2)
      diff-lcs (>= 1.2.0, < 2.0)
      rspec-support (~> 3.13.0)
    rspec-support (3.13.2)
    rubocop (1.69.1)
      json (~> 2.3)
      language_server-protocol (>= 3.17.0)
      parallel (~> 1.10)
      parser (>= 3.3.0.2)
      rainbow (>= 2.2.2, < 4.0)
      regexp_parser (>= 2.9.3, < 3.0)
      rubocop-ast (>= 1.36.2, < 2.0)
      ruby-progressbar (~> 1.7)
      unicode-display_width (>= 2.4.0, < 4.0)
    rubocop-ast (1.36.2)
      parser (>= 3.3.1.0)
    ruby-progressbar (1.13.0)
    rubyzip (2.4.1)
    unicode-display_width (3.1.2)
      unicode-emoji (~> 4.0, >= 4.0.4)
    unicode-emoji (4.0.4)

PLATFORMS
  x86_64-linux

DEPENDENCIES
  rake (~> 13.0)
  rspec (~> 3.0)
  rubocop (~> 1.21)
  vosk!

BUNDLED WITH
   2.4.22
